GIT
  remote: git://github.com/RISCfuture/erector.git
  revision: d741e01ba7f16fef30abfa424cc72d2b2b4758e2
  specs:
    erector (0.9.0)
      treetop (>= 1.2.3)

GIT
  remote: git://github.com/RISCfuture/ruby-git.git
  revision: 88076a50eb70fd96f2417b646fe37fb2f6c4cca4
  specs:
    git (1.2.6)

GEM
  remote: https://rubygems.org/
  specs:
    actionmailer (4.0.13)
      actionpack (= 4.0.13)
      mail (~> 2.5, >= 2.5.4)
    actionpack (4.0.13)
      activesupport (= 4.0.13)
      builder (~> 3.1.0)
      erubis (~> 2.7.0)
      rack (~> 1.5.2)
      rack-test (~> 0.6.2)
    activemodel (4.0.13)
      activesupport (= 4.0.13)
      builder (~> 3.1.0)
    activerecord (4.0.13)
      activemodel (= 4.0.13)
      activerecord-deprecated_finders (~> 1.0.2)
      activesupport (= 4.0.13)
      arel (~> 4.0.0)
    activerecord-deprecated_finders (1.0.3)
    activerecord-jdbc-adapter (1.3.14)
      activerecord (>= 2.2)
    activerecord-jdbcpostgresql-adapter (1.3.14)
      activerecord-jdbc-adapter (~> 1.3.14)
      jdbc-postgres (>= 9.1)
    activesupport (4.0.13)
      i18n (~> 0.6, >= 0.6.9)
      minitest (~> 4.2)
      multi_json (~> 1.3)
      thread_safe (~> 0.1)
      tzinfo (~> 0.3.37)
    addressable (2.3.7)
    arel (4.0.2)
    boolean (1.0.1)
    builder (3.1.4)
    closure-compiler (1.1.11)
    coffee-rails (4.1.0)
      coffee-script (>= 2.2.0)
      railties (>= 4.0.0, < 5.0)
    coffee-script (2.3.0)
      coffee-script-source
      execjs
    coffee-script-source (1.9.0)
    commonjs (0.2.7)
    composite_primary_keys (6.0.8)
      activerecord (~> 4.0.6)
    configoro (1.4.0)
      activesupport
    diff-lcs (1.2.5)
    email_validation (1.2.0)
      localized_each_validator (>= 1.0.1)
    erubis (2.7.0)
    execjs (2.3.0)
    factory_girl (4.5.0)
      activesupport (>= 3.0.0)
    factory_girl_rails (4.5.0)
      factory_girl (~> 4.5.0)
      railties (>= 3.0.0)
    fakeweb (1.3.0)
    find_or_create_on_scopes (1.4.0)
      activerecord (>= 3.1)
    font-awesome-rails (3.2.1.3)
      railties (>= 3.2, < 5.0)
    has_metadata_column (1.1.3)
      boolean
      rails (>= 4.0)
    hike (1.2.3)
    httpi (2.3.0)
      rack
    i18n (0.7.0)
    jdbc-postgres (9.3.1102)
    jquery-rails (3.1.2)
      railties (>= 3.0, < 5.0)
      thor (>= 0.14, < 2.0)
    json (1.8.2)
    json (1.8.2-java)
    json_serialize (2.2.2)
      activerecord (>= 3.0)
      activesupport (>= 3.0)
    kramdown (1.5.0)
    less (2.6.0)
      commonjs (~> 0.2.7)
    less-rails (2.6.0)
      actionpack (>= 3.1)
      less (~> 2.6.0)
    libv8 (3.16.14.7)
    localized_each_validator (1.0.3)
      activemodel (>= 3.0)
      activesupport (>= 3.0)
    mail (2.6.3)
      mime-types (>= 1.16, < 3)
    mime-types (2.4.3)
    minitest (4.7.5)
    multi_json (1.10.1)
    pg (0.18.1)
    plist (3.1.0)
    polyglot (0.3.5)
    rack (1.5.2)
    rack-cors (0.3.1)
    rack-test (0.6.3)
      rack (>= 1.0)
    rails (4.0.13)
      actionmailer (= 4.0.13)
      actionpack (= 4.0.13)
      activerecord (= 4.0.13)
      activesupport (= 4.0.13)
      bundler (>= 1.3.0, < 2.0)
      railties (= 4.0.13)
      sprockets-rails (~> 2.0)
    rails-observers (0.1.2)
      activemodel (~> 4.0)
    railties (4.0.13)
      actionpack (= 4.0.13)
      activesupport (= 4.0.13)
      rake (>= 0.8.7)
      thor (>= 0.18.1, < 2.0)
    rake (10.4.2)
    redcarpet (3.2.2)
    ref (1.0.5)
    rspec-core (3.2.0)
      rspec-support (~> 3.2.0)
    rspec-expectations (3.2.0)
      diff-lcs (>= 1.2.0, < 2.0)
      rspec-support (~> 3.2.0)
    rspec-mocks (3.2.0)
      diff-lcs (>= 1.2.0, < 2.0)
      rspec-support (~> 3.2.0)
    rspec-rails (3.2.0)
      actionpack (>= 3.0, <= 4.2)
      activesupport (>= 3.0, <= 4.2)
      railties (>= 3.0, <= 4.2)
      rspec-core (~> 3.2.0)
      rspec-expectations (~> 3.2.0)
      rspec-mocks (~> 3.2.0)
      rspec-support (~> 3.2.0)
    rspec-support (3.2.1)
    safe_yaml (1.0.4)
    sass (3.4.11)
    sass-rails (5.0.1)
      railties (>= 4.0.0, < 5.0)
      sass (~> 3.1)
      sprockets (>= 2.8, < 4.0)
      sprockets-rails (>= 2.0, < 4.0)
      tilt (~> 1.1)
    serialbox (1.0.0)
      activesupport
      json
    simple_google_auth (0.2.0)
      rails (>= 3.2.0)
    slugalicious (2.1.0)
      rails (>= 4.0)
      stringex
    sourcemap (0.1.1)
    sprockets (2.11.3)
      hike (~> 1.2)
      multi_json (~> 1.0)
      rack (~> 1.0)
      tilt (~> 1.1, != 1.3.0)
    sprockets-rails (2.2.4)
      actionpack (>= 3.0)
      activesupport (>= 3.0)
      sprockets (>= 2.8, < 4.0)
    sql_origin (1.1.0)
      rails (>= 4.0)
    squash_ios_symbolicator (1.1.1)
      plist
      serialbox
      squash_uploader (>= 1.0.1)
    squash_java (1.0.3)
      json
      squash_uploader (>= 1.0.1)
    squash_javascript (2.0.5)
      json
      railties (>= 3.1)
      sourcemap
      sprockets
      squash_uploader
    squash_rails (1.3.3)
      squash_ruby
    squash_ruby (2.0.0)
      json
    squash_uploader (1.0.1)
      json
    stringex (2.5.2)
    therubyracer (0.12.1)
      libv8 (~> 3.16.14.0)
      ref
    therubyrhino (2.0.4)
      therubyrhino_jar (>= 1.7.3)
    therubyrhino_jar (1.7.4)
    thor (0.19.1)
    thread_safe (0.3.4)
    thread_safe (0.3.4-java)
    tilt (1.4.1)
    timeliness (0.3.7)
    treetop (1.5.3)
      polyglot (~> 0.3)
    tzinfo (0.3.43)
    url_validation (1.1.0)
      activerecord
      activesupport
      addressable
      httpi
    user-agent (1.0.0)
    validates_timeliness (3.0.14)
      timeliness (~> 0.3.6)
    yard (0.8.7.6)

PLATFORMS
  java
  ruby

DEPENDENCIES
  activerecord-jdbcpostgresql-adapter
  closure-compiler
  coffee-rails
  composite_primary_keys
  configoro (>= 1.2.4)
  email_validation
  erector!
  factory_girl_rails
  fakeweb
  find_or_create_on_scopes
  font-awesome-rails (< 4.0)
  git!
  has_metadata_column
  jquery-rails
  json
  json_serialize
  kramdown
  less-rails
  libv8
  pg
  rack-cors
  rails (= 4.0.13)
  rails-observers
  redcarpet
  rspec-rails
  safe_yaml
  sass-rails
  simple_google_auth
  slugalicious
  sourcemap
  sprockets (< 2.12.0)
  sql_origin
  squash_ios_symbolicator
  squash_java
  squash_javascript
  squash_rails
  squash_ruby (>= 1.2.0)
  therubyracer (>= 0.11.1)
  therubyrhino
  url_validation
  user-agent
  validates_timeliness
  yard
