GIT
  remote: git://github.com/RISCfuture/composite_primary_keys.git
  revision: 3c9a43cb1fbf3717124565665fc16248e7cc4035
  branch: rebase
  specs:
    composite_primary_keys (6.0.0)
      activerecord (>= 4.0.0)

GIT
  remote: git://github.com/RISCfuture/erector.git
  revision: d741e01ba7f16fef30abfa424cc72d2b2b4758e2
  specs:
    erector (0.9.0)
      treetop (>= 1.2.3)

GIT
  remote: git://github.com/RISCfuture/ruby-git.git
  revision: 14d05318c3c22352564dfb3acf45ee1a29a09864
  specs:
    git (1.2.6)

GEM
  remote: https://rubygems.org/
  specs:
    actionmailer (4.0.3)
      actionpack (= 4.0.3)
      mail (~> 2.5.4)
    actionpack (4.0.3)
      activesupport (= 4.0.3)
      builder (~> 3.1.0)
      erubis (~> 2.7.0)
      rack (~> 1.5.2)
      rack-test (~> 0.6.2)
    activemodel (4.0.3)
      activesupport (= 4.0.3)
      builder (~> 3.1.0)
    activerecord (4.0.3)
      activemodel (= 4.0.3)
      activerecord-deprecated_finders (~> 1.0.2)
      activesupport (= 4.0.3)
      arel (~> 4.0.0)
    activerecord-deprecated_finders (1.0.3)
    activerecord-jdbc-adapter (1.3.7)
      activerecord (>= 2.2)
    activerecord-jdbcpostgresql-adapter (1.3.7)
      activerecord-jdbc-adapter (~> 1.3.7)
      jdbc-postgres (>= 9.1)
    activesupport (4.0.3)
      i18n (~> 0.6, >= 0.6.4)
      minitest (~> 4.2)
      multi_json (~> 1.3)
      thread_safe (~> 0.1)
      tzinfo (~> 0.3.37)
    addressable (2.3.6)
    arel (4.0.2)
    boolean (1.0.1)
    builder (3.1.4)
    closure-compiler (1.1.10)
    coffee-rails (4.0.1)
      coffee-script (>= 2.2.0)
      railties (>= 4.0.0, < 5.0)
    coffee-script (2.2.0)
      coffee-script-source
      execjs
    coffee-script-source (1.7.0)
    commonjs (0.2.7)
    configoro (1.4.0)
      activesupport
    diff-lcs (1.2.5)
    email_validation (1.1.1)
      localized_each_validator (>= 1.0.1)
    erubis (2.7.0)
    execjs (2.2.0)
    factory_girl (4.4.0)
      activesupport (>= 3.0.0)
    factory_girl_rails (4.4.1)
      factory_girl (~> 4.4.0)
      railties (>= 3.0.0)
    fakeweb (1.3.0)
    fdoc (0.3.2)
      json
      json-schema (~> 1.1)
      kramdown
      thor
    find_or_create_on_scopes (1.4.0)
      activerecord (>= 3.1)
    font-awesome-rails (3.2.1.3)
      railties (>= 3.2, < 5.0)
    has_metadata_column (1.1.3)
      boolean
      rails (>= 4.0)
    hike (1.2.3)
    httpi (2.2.4)
      rack
    i18n (0.6.9)
    jdbc-postgres (9.3.1101)
    jquery-rails (3.1.0)
      railties (>= 3.0, < 5.0)
      thor (>= 0.14, < 2.0)
    json (1.8.1)
    json (1.8.1-java)
    json-schema (1.2.1)
    json_serialize (2.2.2)
      activerecord (>= 3.0)
      activesupport (>= 3.0)
    kramdown (1.3.3)
    less (2.5.1)
      commonjs (~> 0.2.7)
    less-rails (2.5.0)
      actionpack (>= 3.1)
      less (~> 2.5.0)
    libv8 (3.16.14.3)
    localized_each_validator (1.0.3)
      activemodel (>= 3.0)
      activesupport (>= 3.0)
    mail (2.5.4)
      mime-types (~> 1.16)
      treetop (~> 1.4.8)
    mime-types (1.25.1)
    minitest (4.7.5)
    multi_json (1.10.1)
    pg (0.17.1)
    plist (3.1.0)
    polyglot (0.3.5)
    rack (1.5.2)
    rack-cors (0.2.9)
    rack-test (0.6.2)
      rack (>= 1.0)
    rails (4.0.3)
      actionmailer (= 4.0.3)
      actionpack (= 4.0.3)
      activerecord (= 4.0.3)
      activesupport (= 4.0.3)
      bundler (>= 1.3.0, < 2.0)
      railties (= 4.0.3)
      sprockets-rails (~> 2.0.0)
    rails-observers (0.1.2)
      activemodel (~> 4.0)
    railties (4.0.3)
      actionpack (= 4.0.3)
      activesupport (= 4.0.3)
      rake (>= 0.8.7)
      thor (>= 0.18.1, < 2.0)
    rake (10.3.2)
    redcarpet (3.1.2)
    ref (1.0.5)
    rspec-collection_matchers (1.0.0)
      rspec-expectations (>= 2.99.0.beta1)
    rspec-core (2.99.0)
    rspec-expectations (2.99.0)
      diff-lcs (>= 1.1.3, < 2.0)
    rspec-mocks (2.99.0)
    rspec-rails (2.99.0)
      actionpack (>= 3.0)
      activemodel (>= 3.0)
      activesupport (>= 3.0)
      railties (>= 3.0)
      rspec-collection_matchers
      rspec-core (~> 2.99.0)
      rspec-expectations (~> 2.99.0)
      rspec-mocks (~> 2.99.0)
    safe_yaml (1.0.3)
    sass (3.2.19)
    sass-rails (4.0.3)
      railties (>= 4.0.0, < 5.0)
      sass (~> 3.2.0)
      sprockets (~> 2.8, <= 2.11.0)
      sprockets-rails (~> 2.0)
    serialbox (1.0.0)
      activesupport
      json
    slugalicious (2.1.0)
      rails (>= 4.0)
      stringex
    sourcemap (0.0.2)
    sprockets (2.11.0)
      hike (~> 1.2)
      multi_json (~> 1.0)
      rack (~> 1.0)
      tilt (~> 1.1, != 1.3.0)
    sprockets-rails (2.0.1)
      actionpack (>= 3.0)
      activesupport (>= 3.0)
      sprockets (~> 2.8)
    sql_origin (1.1.0)
      rails (>= 4.0)
    squash_ios_symbolicator (1.1.1)
      plist
      serialbox
      squash_uploader (>= 1.0.1)
    squash_java (1.0.3)
      json
      squash_uploader (>= 1.0.1)
    squash_javascript (2.0.5)
      json
      railties (>= 3.1)
      sourcemap
      sprockets
      squash_uploader
    squash_rails (1.3.3)
      squash_ruby
    squash_ruby (1.4.0)
      json
    squash_uploader (1.0.1)
      json
    stringex (2.5.2)
    therubyracer (0.12.1)
      libv8 (~> 3.16.14.0)
      ref
    therubyrhino (2.0.3)
      therubyrhino_jar (>= 1.7.3)
    therubyrhino_jar (1.7.4)
    thor (0.19.1)
    thread_safe (0.3.4)
    thread_safe (0.3.4-java)
    tilt (1.4.1)
    timeliness (0.3.7)
    treetop (1.4.15)
      polyglot
      polyglot (>= 0.3.1)
    tzinfo (0.3.39)
    url_validation (1.0.0)
      activerecord
      activesupport
      addressable
      httpi
    user-agent (1.0.0)
    validates_timeliness (3.0.14)
      timeliness (~> 0.3.6)
    yard (0.8.7.4)

PLATFORMS
  java
  ruby

DEPENDENCIES
  activerecord-jdbcpostgresql-adapter
  closure-compiler
  coffee-rails
  composite_primary_keys!
  configoro (>= 1.2.4)
  email_validation
  erector!
  factory_girl_rails
  fakeweb
  fdoc
  find_or_create_on_scopes (>= 1.2.1)
  font-awesome-rails (< 4.0)
  git!
  has_metadata_column
  jquery-rails
  json
  json-schema (< 2.0.0)
  json_serialize
  kramdown
  less-rails
  libv8
  pg
  rack-cors
  rails (= 4.0.3)
  rails-observers
  redcarpet
  rspec-rails (< 3.0.0)
  safe_yaml
  sass-rails
  slugalicious
  sourcemap
  sprockets (< 2.12.0)
  sql_origin
  squash_ios_symbolicator
  squash_java
  squash_javascript
  squash_rails
  squash_ruby (>= 1.2.0)
  therubyracer (>= 0.11.1)
  therubyrhino
  url_validation
  user-agent
  validates_timeliness
  yard
