GIT
  remote: git://github.com/RISCfuture/composite_primary_keys.git
  revision: 4f624f3a431b5ad3fa2d80e58b118896c356dffe
  specs:
    composite_primary_keys (5.0.12)
      activerecord (~> 3.2.0, >= 3.2.9)

GIT
  remote: git://github.com/RISCfuture/has_metadata_column.git
  revision: 2aebf034ab97365cfbf56073c24c3a28fe2dc4ae
  specs:
    has_metadata_column (1.0.3)
      boolean
      rails (>= 3.0)

GIT
  remote: git://github.com/RISCfuture/ruby-git.git
  revision: 473d8ecc1fd49cbfcbabff0061484319d4bac9fa
  specs:
    git (1.2.5)

GIT
  remote: git://github.com/rails/rails.git
  revision: f1efecfc3f009d7b25a0b72170914a2739cb3765
  branch: 3-2-stable
  specs:
    actionmailer (3.2.12)
      actionpack (= 3.2.12)
      mail (~> 2.5.3)
    actionpack (3.2.12)
      activemodel (= 3.2.12)
      activesupport (= 3.2.12)
      builder (~> 3.0.0)
      erubis (~> 2.7.0)
      journey (~> 1.0.4)
      rack (~> 1.4.5)
      rack-cache (~> 1.2)
      rack-test (~> 0.6.1)
      sprockets (~> 2.2.1)
    activemodel (3.2.12)
      activesupport (= 3.2.12)
      builder (~> 3.0.0)
    activerecord (3.2.12)
      activemodel (= 3.2.12)
      activesupport (= 3.2.12)
      arel (~> 3.0.2)
      tzinfo (~> 0.3.29)
    activeresource (3.2.12)
      activemodel (= 3.2.12)
      activesupport (= 3.2.12)
    activesupport (3.2.12)
      i18n (~> 0.6)
      multi_json (~> 1.0)
    rails (3.2.12)
      actionmailer (= 3.2.12)
      actionpack (= 3.2.12)
      activerecord (= 3.2.12)
      activeresource (= 3.2.12)
      activesupport (= 3.2.12)
      bundler (~> 1.0)
      railties (= 3.2.12)
    railties (3.2.12)
      actionpack (= 3.2.12)
      activesupport (= 3.2.12)
      rack-ssl (~> 1.3.2)
      rake (>= 0.8.7)
      rdoc (~> 3.4)
      thor (>= 0.14.6, < 2.0)

GEM
  remote: http://rubygems.org/
  specs:
    activerecord-jdbc-adapter (1.2.5)
    activerecord-jdbcpostgresql-adapter (1.2.5)
      activerecord-jdbc-adapter (~> 1.2.5)
      jdbc-postgres (>= 9.1, < 9.3)
    activerecord-postgresql-cursors (0.0.2)
    addressable (2.3.2)
    arel (3.0.2)
    boolean (1.0.1)
    builder (3.0.4)
    coffee-rails (3.2.2)
      coffee-script (>= 2.2.0)
      railties (~> 3.2.0)
    coffee-script (2.2.0)
      coffee-script-source
      execjs
    coffee-script-source (1.4.0)
    commonjs (0.2.6)
    configoro (1.1.0)
      rails (>= 3.0)
    diff-lcs (1.1.3)
    email_validation (1.1.1)
      localized_each_validator (>= 1.0.1)
    erector (0.9.0)
      treetop (>= 1.2.3)
    erubis (2.7.0)
    execjs (1.4.0)
      multi_json (~> 1.0)
    factory_girl (4.2.0)
      activesupport (>= 3.0.0)
    factory_girl_rails (4.2.1)
      factory_girl (~> 4.2.0)
      railties (>= 3.0.0)
    fakeweb (1.3.0)
    fdoc (0.2.7)
      json
      json-schema (>= 1.0.1)
      kramdown
    find_or_create_on_scopes (1.2.1)
      activerecord (>= 3.1)
    font-awesome-rails (3.0.2.0)
      railties (>= 3.1)
    hike (1.2.1)
    httpi (2.0.2)
      rack
    i18n (0.6.1)
    jdbc-postgres (9.2.1002.1)
    jira-ruby (0.1.2)
      activesupport
      oauth
      railties
    journey (1.0.4)
    jquery-rails (2.2.1)
      railties (>= 3.0, < 5.0)
      thor (>= 0.14, < 2.0)
    json (1.7.7)
    json (1.7.7-java)
    json-schema (1.1.1)
    json_serialize (2.2.1)
      activerecord (>= 3.0)
      activesupport (>= 3.0)
    kramdown (0.14.2)
    less (2.2.2)
      commonjs (~> 0.2.6)
    less-rails (2.2.6)
      actionpack (>= 3.1)
      less (~> 2.2.0)
    libv8 (3.11.8.13)
    localized_each_validator (1.0.1)
      activerecord (>= 3.0)
      activesupport (>= 3.0)
    mail (2.5.3)
      i18n (>= 0.4.0)
      mime-types (~> 1.16)
      treetop (~> 1.4.8)
    mime-types (1.21)
    multi_json (1.5.1)
    net-ldap (0.3.1)
    oauth (0.4.7)
    pg (0.14.1)
    plist (3.1.0)
    polyglot (0.3.3)
    rack (1.4.5)
    rack-cache (1.2)
      rack (>= 0.4)
    rack-cors (0.2.7)
      rack
    rack-protection (1.3.2)
      rack
    rack-ssl (1.3.3)
      rack
    rack-test (0.6.2)
      rack (>= 1.0)
    rake (10.0.3)
    rdoc (3.12.1)
      json (~> 1.4)
    redcarpet (2.2.2)
    redis (3.0.2)
    redis-namespace (1.2.1)
      redis (~> 3.0.0)
    ref (1.0.2)
    resque (1.23.0)
      multi_json (~> 1.0)
      redis-namespace (~> 1.0)
      sinatra (>= 0.9.2)
      vegas (~> 0.1.2)
    resque-pool (0.3.0)
      rake
      resque (~> 1.20)
      trollop (~> 1.16)
    rspec-core (2.12.2)
    rspec-expectations (2.12.1)
      diff-lcs (~> 1.1.3)
    rspec-mocks (2.12.2)
    rspec-rails (2.12.2)
      actionpack (>= 3.0)
      activesupport (>= 3.0)
      railties (>= 3.0)
      rspec-core (~> 2.12.0)
      rspec-expectations (~> 2.12.0)
      rspec-mocks (~> 2.12.0)
    sass (3.2.5)
    sass-rails (3.2.6)
      railties (~> 3.2.0)
      sass (>= 3.1.10)
      tilt (~> 1.3)
    serialbox (1.0.0)
      activesupport
      json
    sinatra (1.3.4)
      rack (~> 1.4)
      rack-protection (~> 1.3)
      tilt (~> 1.3, >= 1.3.3)
    slugalicious (2.0.0)
      rails (>= 3.1)
      stringex
    sprockets (2.2.2)
      hike (~> 1.2)
      multi_json (~> 1.0)
      rack (~> 1.0)
      tilt (~> 1.1, != 1.3.0)
    sql_origin (1.0.2)
      rails (~> 3.2)
    squash_ios_symbolicator (1.1.1)
      plist
      serialbox
      squash_uploader (>= 1.0.1)
    squash_java (1.0.3)
      json
      squash_uploader (>= 1.0.1)
    squash_javascript (1.0.1)
      json
      railties (>= 3.1)
      squash_uploader
    squash_rails (1.1.0)
      squash_ruby
    squash_ruby (1.0.1)
      json
    squash_uploader (1.0.1)
      json
    stringex (1.5.1)
    therubyracer (0.11.3)
      libv8 (~> 3.11.8.12)
      ref
    therubyrhino (1.73.5)
    thor (0.17.0)
    tilt (1.3.3)
    timeliness (0.3.7)
    treetop (1.4.12)
      polyglot
      polyglot (>= 0.3.1)
    trollop (1.16.2)
    tzinfo (0.3.35)
    uglifier (1.3.0)
      execjs (>= 0.3.0)
      multi_json (~> 1.0, >= 1.0.2)
    url_validation (1.0.0)
      activerecord
      activesupport
      addressable
      httpi
    user-agent (1.0.0)
    validates_timeliness (3.0.14)
      timeliness (~> 0.3.6)
    vegas (0.1.11)
      rack (>= 1.0.0)
    yard (0.8.4.1)

PLATFORMS
  java
  ruby

DEPENDENCIES
  activerecord-jdbc-adapter (= 1.2.5)
  activerecord-jdbcpostgresql-adapter
  activerecord-postgresql-cursors
  coffee-rails
  composite_primary_keys!
  configoro
  email_validation
  erector
  factory_girl_rails
  fakeweb
  fdoc
  find_or_create_on_scopes (>= 1.2.1)
  font-awesome-rails
  git!
  has_metadata_column!
  jira-ruby
  jquery-rails
  json
  json_serialize
  kramdown
  less-rails
  libv8 (~> 3.11.8)
  net-ldap
  pg
  rack-cors
  rails!
  redcarpet
  resque
  resque-pool
  rspec-rails
  sass-rails
  slugalicious
  sql_origin
  squash_ios_symbolicator
  squash_java
  squash_javascript
  squash_rails
  squash_ruby
  therubyracer (>= 0.11.1)
  therubyrhino (< 2.0)
  uglifier
  url_validation
  user-agent
  validates_timeliness
  yard
